GEM
  remote: https://rubygems.org/
  specs:
    activesupport (4.2.1)
      i18n (~> 0.7)
      json (~> 1.7, >= 1.7.7)
      minitest (~> 5.1)
      thread_safe (~> 0.3, >= 0.3.4)
      tzinfo (~> 1.1)
    awesome_print (1.6.1)
    backports (3.6.4)
    better_errors (2.1.1)
      coderay (>= 1.0.0)
      erubis (>= 2.6.6)
      rack (>= 0.9.0)
    binding_of_caller (0.7.2)
      debug_inspector (>= 0.0.1)
    builder (3.2.2)
    celluloid (0.16.0)
      timers (~> 4.0.0)
    coderay (1.1.0)
    debug_inspector (0.0.2)
    diff-lcs (1.2.5)
    dotenv (1.0.2)
    dotenv-heroku (0.0.1)
      rake
    erubis (2.7.0)
    evernote-thrift (1.25.1)
    evernote_oauth (0.2.3)
      evernote-thrift
      oauth (>= 0.4.1)
    factory_girl (4.5.0)
      activesupport (>= 3.0.0)
    ffi (1.9.8)
    foreman (0.78.0)
      thor (~> 0.19.1)
    hashie (3.3.2)
    hitimes (1.2.2)
    i18n (0.7.0)
    json (1.8.2)
    listen (2.10.0)
      celluloid (~> 0.16.0)
      rb-fsevent (>= 0.9.3)
      rb-inotify (>= 0.9)
    method_source (0.8.2)
    minitest (5.6.0)
    multi_json (1.10.1)
    newrelic_rpm (3.11.2.286)
    oauth (0.4.7)
    posix-spawn (0.3.9)
    pry (0.10.1)
      coderay (~> 1.1.0)
      method_source (~> 0.8.1)
      slop (~> 3.4)
    puma (2.11.2)
      rack (>= 1.1, < 2.0)
    pygments.rb (0.6.0)
      posix-spawn (~> 0.3.6)
      yajl-ruby (~> 1.1.0)
    rack (1.6.0)
    rack-livereload (0.3.15)
      rack
    rack-protection (1.5.3)
      rack
    rack-test (0.6.3)
      rack (>= 1.0)
    rake (10.4.2)
    rb-fsevent (0.9.4)
    rb-inotify (0.9.5)
      ffi (>= 0.5.0)
    readit (0.1.0)
      hashie
      multi_json
      oauth
    redcarpet (3.2.1)
    rerun (0.10.0)
      listen (~> 2.7, >= 2.7.3)
    rouge (1.8.0)
    rspec (3.2.0)
      rspec-core (~> 3.2.0)
      rspec-expectations (~> 3.2.0)
      rspec-mocks (~> 3.2.0)
    rspec-core (3.2.0)
      rspec-support (~> 3.2.0)
    rspec-expectations (3.2.0)
      diff-lcs (>= 1.2.0, < 2.0)
      rspec-support (~> 3.2.0)
    rspec-mocks (3.2.0)
      diff-lcs (>= 1.2.0, < 2.0)
      rspec-support (~> 3.2.0)
    rspec-support (3.2.1)
    sass (3.4.13)
    sinatra (1.4.6)
      rack (~> 1.4)
      rack-protection (~> 1.4)
      tilt (>= 1.3, < 3)
    sinatra-contrib (1.4.2)
      backports (>= 2.0)
      multi_json
      rack-protection
      rack-test
      sinatra (~> 1.4.0)
      tilt (~> 1.3)
    slop (3.6.0)
    thor (0.19.1)
    thread_safe (0.3.5)
    tilt (1.4.1)
    timers (4.0.1)
      hitimes
    tzinfo (1.2.2)
      thread_safe (~> 0.1)
    yajl-ruby (1.1.0)

PLATFORMS
  ruby

DEPENDENCIES
  activesupport
  awesome_print
  better_errors
  binding_of_caller
  builder
  dotenv
  dotenv-heroku
  evernote_oauth
  factory_girl
  foreman
  newrelic_rpm
  pry
  puma
  pygments.rb
  rack-livereload
  readit
  redcarpet
  rerun
  rouge
  rspec
  sass
  sinatra
  sinatra-contrib
